GEM
  remote: https://rubygems.org/
  specs:
    activemodel (7.0.4.2)
      activesupport (= 7.0.4.2)
    activerecord (7.0.4.2)
      activemodel (= 7.0.4.2)
      activesupport (= 7.0.4.2)
    activesupport (7.0.4.2)
      concurrent-ruby (~> 1.0, >= 1.0.2)
      i18n (>= 1.6, < 2)
      minitest (>= 5.1)
      tzinfo (~> 2.0)
    ancestry (4.2.0)
      activerecord (>= 5.2.6)
    bcrypt (3.1.18)
    concurrent-ruby (1.2.0)
    i18n (1.12.0)
      concurrent-ruby (~> 1.0)
    minitest (5.17.0)
    mustermann (3.0.0)
      ruby2_keywords (~> 0.0.1)
    pagy (6.0.1)
    paranoia (2.6.1)
      activerecord (>= 5.1, < 7.1)
    pg (1.4.5)
    rack (2.2.6.4)
    rack-flash3 (1.0.5)
      rack
    rack-protection (3.0.5)
      rack
    rack-test (2.0.2)
      rack (>= 1.3)
    racksh (1.0.0)
      rack (>= 1.0)
      rack-test (>= 0.5)
    rake (13.0.6)
    require_all (3.0.0)
    ruby2_keywords (0.0.5)
    sinatra (3.0.5)
      mustermann (~> 3.0)
      rack (~> 2.2, >= 2.2.4)
      rack-protection (= 3.0.5)
      tilt (~> 2.0)
    sinatra-activerecord (2.0.26)
      activerecord (>= 4.1)
      sinatra (>= 1.0)
    sinatra-cross_origin (0.4.0)
    tilt (2.0.11)
    tzinfo (2.0.6)
      concurrent-ruby (~> 1.0)
    webrick (1.8.1)

PLATFORMS
  ruby

DEPENDENCIES
  ancestry
  bcrypt
  pagy
  paranoia
  pg
  rack
  rack-flash3
  racksh
  rake
  require_all
  sinatra
  sinatra-activerecord
  sinatra-cross_origin
  webrick

RUBY VERSION
   ruby 3.2.0p0

BUNDLED WITH
   2.1.4
