GEM
  remote: https://rubygems.org/
  specs:
    activemodel (5.2.3)
      activesupport (= 5.2.3)
    activerecord (5.2.3)
      activemodel (= 5.2.3)
      activesupport (= 5.2.3)
      arel (>= 9.0)
    activesupport (5.2.3)
      concurrent-ruby (~> 1.0, >= 1.0.2)
      i18n (>= 0.7, < 2)
      minitest (~> 5.1)
      tzinfo (~> 1.1)
    ancestry (3.2.1)
      activerecord (>= 4.2.0)
    arel (9.0.0)
    bcrypt (3.1.13)
    concurrent-ruby (1.1.5)
    i18n (1.6.0)
      concurrent-ruby (~> 1.0)
    minitest (5.12.0)
    mustermann (1.0.3)
    pg (1.1.4)
    rack (2.1.4)
    rack-flash3 (1.0.5)
      rack
    rack-protection (2.0.2)
      rack
    rake (12.3.3)
    require_all (1.4.0)
    sinatra (2.0.2)
      mustermann (~> 1.0)
      rack (~> 2.0)
      rack-protection (= 2.0.2)
      tilt (~> 2.0)
    sinatra-activerecord (2.0.13)
      activerecord (>= 3.2)
      sinatra (>= 1.0)
    sinatra-cross_origin (0.4.0)
    thread_safe (0.3.6)
    tilt (2.0.10)
    tzinfo (1.2.5)
      thread_safe (~> 0.1)

PLATFORMS
  ruby

DEPENDENCIES
  ancestry (= 3.2.1)
  bcrypt (= 3.1.13)
  pg (= 1.1.4)
  rack (= 2.1.4)
  rack-flash3 (= 1.0.5)
  rake (= 12.3.3)
  require_all (= 1.4.0)
  sinatra
  sinatra-activerecord
  sinatra-cross_origin

BUNDLED WITH
   2.2.28
