GEM
  remote: https://rubygems.org/
  specs:
    activemodel (6.1.4.1)
      activesupport (= 6.1.4.1)
    activerecord (6.1.4.1)
      activemodel (= 6.1.4.1)
      activesupport (= 6.1.4.1)
    activesupport (6.1.4.1)
      concurrent-ruby (~> 1.0, >= 1.0.2)
      i18n (>= 1.6, < 2)
      minitest (>= 5.1)
      tzinfo (~> 2.0)
      zeitwerk (~> 2.3)
    ancestry (3.2.1)
      activerecord (>= 4.2.0)
    bcrypt (3.1.13)
    concurrent-ruby (1.1.9)
    i18n (1.8.11)
      concurrent-ruby (~> 1.0)
    minitest (5.14.4)
    mustermann (1.0.3)
    pagy (5.6.6)
    pg (1.1.4)
    rack (2.1.4)
    rack-flash3 (1.0.5)
      rack
    rack-protection (2.0.2)
      rack
    rake (12.3.3)
    require_all (1.4.0)
    sinatra (2.0.2)
      mustermann (~> 1.0)
      rack (~> 2.0)
      rack-protection (= 2.0.2)
      tilt (~> 2.0)
    sinatra-activerecord (2.0.13)
      activerecord (>= 3.2)
      sinatra (>= 1.0)
    sinatra-cross_origin (0.4.0)
    tilt (2.0.10)
    tzinfo (2.0.4)
      concurrent-ruby (~> 1.0)
    zeitwerk (2.5.1)

PLATFORMS
  ruby

DEPENDENCIES
  ancestry
  bcrypt
  pagy
  pg
  rack
  rack-flash3
  rake
  require_all
  sinatra
  sinatra-activerecord
  sinatra-cross_origin

RUBY VERSION
   ruby 2.7.4p191

BUNDLED WITH
   2.2.28
